GEM
  remote: https://rubygems.org/
  specs:
    colorize (0.7.7)
    rake (0.9.2.2)

PLATFORMS
  ruby

DEPENDENCIES
  colorize
  rake

BUNDLED WITH
   1.13.6
